GEM
  remote: https://rubygems.org/
  specs:
    ruby2d (0.9.4)

PLATFORMS
  ruby

DEPENDENCIES
  ruby2d (~> 0.9.4)

BUNDLED WITH
   1.17.2
